GEM
  remote: https://rubygems.org/
  specs:
    json (2.6.3)
    mixlib-cli (1.7.0)
    ruby-dbus (0.11.0)
    sensu-plugin (4.0.0)
      json (< 3.0.0)
      mixlib-cli (~> 1.5)
    systemd-bindings (0.0.1.1)
      ruby-dbus (= 0.11.0)
    warning (1.3.0)

PLATFORMS
  x86_64-linux

DEPENDENCIES
  sensu-plugin
  systemd-bindings
  warning

BUNDLED WITH
   2.4.12
