GEM
  remote: https://rubygems.org/
  specs:
    activesupport (4.2.11.1)
      i18n (~> 0.7)
      minitest (~> 5.1)
      thread_safe (~> 0.3, >= 0.3.4)
      tzinfo (~> 1.1)
    concurrent-ruby (1.1.5)
    dnsbl-client (1.0.2)
    i18n (0.9.5)
      concurrent-ruby (~> 1.0)
    json (2.3.1)
    minitest (5.11.3)
    mixlib-cli (1.7.0)
    net-ping (1.7.8)
    sensu-plugin (4.0.0)
      json (< 3.0.0)
      mixlib-cli (~> 1.5)
    sensu-plugins-network-checks (4.0.0)
      activesupport (~> 4.2)
      dnsbl-client (= 1.0.2)
      net-ping (= 1.7.8)
      sensu-plugin (~> 4.0)
      whois (>= 4.0)
      whois-parser (~> 1.0.0)
    thread_safe (0.3.6)
    tzinfo (1.2.5)
      thread_safe (~> 0.1)
    whois (4.1.0)
    whois-parser (1.0.1)
      activesupport (>= 4)
      whois (>= 4.0.0)

PLATFORMS
  ruby

DEPENDENCIES
  sensu-plugins-network-checks

BUNDLED WITH
   1.17.2
