GEM
  remote: https://rubygems.org/
  specs:
    dentaku (3.3.4)
    json (2.6.3)
    mixlib-cli (1.7.0)
    pg (1.2.3)
    sensu-plugin (4.0.0)
      json (< 3.0.0)
      mixlib-cli (~> 1.5)
    sensu-plugins-postgres (4.2.0)
      dentaku (= 3.3.4)
      pg (= 1.2.3)
      sensu-plugin (~> 4.0)

PLATFORMS
  x86_64-linux

DEPENDENCIES
  sensu-plugins-postgres

BUNDLED WITH
   2.4.12
