GEM
  remote: https://rubygems.org/
  specs:
    aws-es-transport (0.1.4)
      aws-sdk (~> 2.1, >= 2.1.14)
      elasticsearch (~> 1.0, >= 1.0.10)
      faraday (~> 0.9.1)
      faraday_middleware (~> 0.10.0)
    aws-sdk (2.4.4)
      aws-sdk-resources (= 2.4.4)
    aws-sdk-core (2.4.4)
      jmespath (~> 1.0)
    aws-sdk-resources (2.4.4)
      aws-sdk-core (= 2.4.4)
    domain_name (0.5.20180417)
      unf (>= 0.0.5, < 1.0.0)
    elasticsearch (1.0.18)
      elasticsearch-api (= 1.0.18)
      elasticsearch-transport (= 1.0.18)
    elasticsearch-api (1.0.18)
      multi_json
    elasticsearch-transport (1.0.18)
      faraday
      multi_json
    faraday (0.9.2)
      multipart-post (>= 1.2, < 3)
    faraday_middleware (0.10.1)
      faraday (>= 0.7.4, < 1.0)
    http-cookie (1.0.3)
      domain_name (~> 0.5)
    jmespath (1.4.0)
    json (2.3.1)
    mime-types (2.99.3)
    mixlib-cli (1.7.0)
    multi_json (1.13.1)
    multipart-post (2.1.1)
    netrc (0.11.0)
    rest-client (1.8.0)
      http-cookie (>= 1.0.2, < 2.0)
      mime-types (>= 1.16, < 3.0)
      netrc (~> 0.7)
    sensu-plugin (4.0.0)
      json (< 3.0.0)
      mixlib-cli (~> 1.5)
    sensu-plugins-elasticsearch (4.0.0)
      aws-es-transport (~> 0.1)
      aws-sdk (~> 2.1, >= 2.1.14, < 2.5)
      elasticsearch (~> 1.0.14)
      rest-client (= 1.8.0)
      sensu-plugin (~> 4.0)
    unf (0.1.4)
      unf_ext
    unf_ext (0.0.7.6)

PLATFORMS
  ruby

DEPENDENCIES
  sensu-plugins-elasticsearch

BUNDLED WITH
   1.17.2
